GIT
  remote: git://github.com/saberma/activemerchant_patch_for_china.git
  revision: a2d6f061aef47194730dca2fc22038ce7b4ebef5
  specs:
    activemerchant_patch_for_china (0.1.5)
      activemerchant (>= 1.4.2)

GIT
  remote: git://github.com/saberma/transitions.git
  revision: 83cbc41cdc4670887b855a95a9749c66efcfe5d8
  specs:
    transitions (0.0.8)

GEM
  remote: http://rubygems.org/
  specs:
    abstract (1.0.0)
    actionmailer (3.0.3)
      actionpack (= 3.0.3)
      mail (~> 2.2.9)
    actionpack (3.0.3)
      activemodel (= 3.0.3)
      activesupport (= 3.0.3)
      builder (~> 2.1.2)
      erubis (~> 2.6.6)
      i18n (~> 0.4)
      rack (~> 1.2.1)
      rack-mount (~> 0.6.13)
      rack-test (~> 0.5.6)
      tzinfo (~> 0.3.23)
    active_hash (0.8.7)
      activesupport (>= 2.2.2)
    activemerchant (1.9.1)
      activesupport (>= 2.3.2)
      braintree (>= 2.0.0)
      builder (>= 2.0.0)
    activemodel (3.0.3)
      activesupport (= 3.0.3)
      builder (~> 2.1.2)
      i18n (~> 0.4)
    activerecord (3.0.3)
      activemodel (= 3.0.3)
      activesupport (= 3.0.3)
      arel (~> 2.0.2)
      tzinfo (~> 0.3.23)
    activeresource (3.0.3)
      activemodel (= 3.0.3)
      activesupport (= 3.0.3)
    activesupport (3.0.3)
    acts_as_list_mongoid (0.2.2)
      mongoid (>= 2.0.0.beta.14)
      mongoid_embedded_helper (>= 0.2.5)
    addressable (2.2.4)
    arel (2.0.4)
    awesome_print (0.3.1)
    bcrypt-ruby (2.1.2)
    braintree (2.6.2)
      builder
    bson (1.2.4)
    bson_ext (1.2.4)
    builder (2.1.2)
    capybara (0.3.9)
      culerity (>= 0.2.4)
      mime-types (>= 1.16)
      nokogiri (>= 1.3.3)
      rack (>= 1.0.0)
      rack-test (>= 0.5.4)
      selenium-webdriver (>= 0.0.3)
    carrierwave (0.5.0)
      activesupport (~> 3.0.0)
    chunky_png (0.11.1)
    compass (0.10.6)
      haml (>= 3.0.4)
    compass-960-plugin (0.10.0)
      compass (>= 0.10.0)
    configuration (1.2.0)
    crack (0.1.8)
    css_sprite (1.4.10)
      rmagick
    cucumber (0.9.4)
      builder (~> 2.1.2)
      diff-lcs (~> 1.1.2)
      gherkin (~> 2.2.9)
      json (~> 1.4.6)
      term-ansicolor (~> 1.0.5)
    cucumber-rails (0.3.2)
      cucumber (>= 0.8.0)
    culerity (0.2.12)
    database_cleaner (0.6.0)
    devise (1.1.5)
      bcrypt-ruby (~> 2.1.2)
      warden (~> 1.0.2)
    diff-lcs (1.1.2)
    em-dir-watcher (0.9.4)
    em-websocket (0.2.1)
      addressable (>= 2.1.1)
      eventmachine (>= 0.12.9)
    erubis (2.6.6)
      abstract (>= 1.0.0)
    eventmachine (0.12.10)
    factory_girl (1.3.2)
    factory_girl_rails (1.0)
      factory_girl (~> 1.3)
      rails (>= 3.0.0.beta4)
    ffi (1.0.0)
      rake (>= 0.8.7)
    formtastic (1.2.2)
      actionpack (>= 2.3.7)
      activesupport (>= 2.3.7)
      i18n (>= 0.4.0)
    gherkin (2.2.9)
      json (~> 1.4.6)
      term-ansicolor (~> 1.0.5)
    haml (3.0.24)
    has_scope (0.5.0)
    hpricot (0.8.3)
    httparty (0.6.1)
      crack (= 0.1.8)
    i18n (0.5.0)
    inherited_resources (1.1.2)
      has_scope (~> 0.5.0)
      responders (~> 0.6.0)
    json (1.4.6)
    json_pure (1.4.6)
    juggernaut (2.0.1)
      redis
    kaminari (0.10.4)
      rails (>= 3.0.0)
    launchy (0.3.7)
      configuration (>= 0.0.5)
      rake (>= 0.8.1)
    lemonade (0.3.4)
      chunky_png (>= 0.8.0)
      compass (>= 0.10.0)
      haml (>= 3.0.0)
    livereload (1.5)
      em-dir-watcher (>= 0.1)
      em-websocket (>= 0.1.2)
      ruby-json (>= 1.1.2)
    mail (2.2.11)
      activesupport (>= 2.3.6)
      i18n (~> 0.5.0)
      mime-types (~> 1.16)
      treetop (~> 1.4.8)
    mime-types (1.16)
    mini_magick (3.1)
      subexec (~> 0.0.4)
    mongo (1.2.4)
      bson (>= 1.2.4)
    mongoid (2.0.0.rc.7)
      activemodel (~> 3.0)
      mongo (~> 1.2)
      tzinfo (~> 0.3.22)
      will_paginate (~> 3.0.pre)
    mongoid_acts_as_tree (0.1.6)
      bson (>= 0.20.1)
      mongoid (<= 2.0.0)
    mongoid_adjust (0.1.1)
      bson (>= 1.0.3)
      mongoid (>= 2.0.0.beta.14)
    mongoid_embedded_helper (0.3.0)
      bson_ext (>= 1.0.1)
      bson_ext (>= 1.0.8)
      mongoid (>= 2.0.0.beta.14)
      mongoid (>= 2.0.0.beta.18)
      mongoid_adjust (>= 0.1.1)
      mongoid_adjust (>= 0.1.1)
    nokogiri (1.4.4)
    on_the_spot (0.0.5)
      json_pure (>= 1.4.6)
    polyglot (0.3.1)
    rack (1.2.1)
    rack-mount (0.6.13)
      rack (>= 1.0.0)
    rack-test (0.5.6)
      rack (>= 1.0)
    rails (3.0.3)
      actionmailer (= 3.0.3)
      actionpack (= 3.0.3)
      activerecord (= 3.0.3)
      activeresource (= 3.0.3)
      activesupport (= 3.0.3)
      bundler (~> 1.0)
      railties (= 3.0.3)
    rails3-generators (0.14.0)
    railties (3.0.3)
      actionpack (= 3.0.3)
      activesupport (= 3.0.3)
      rake (>= 0.8.7)
      thor (~> 0.14.4)
    rake (0.8.7)
    rb-inotify (0.8.4)
      ffi (>= 0.5.0)
    redis (2.1.1)
    redis-namespace (0.10.0)
      redis (< 3.0.0)
    responders (0.6.2)
    resque (1.13.0)
      json (~> 1.4.6)
      redis-namespace (>= 0.10.0)
      sinatra (>= 0.9.2)
      vegas (~> 0.1.2)
    resque_spec (0.4.2)
      resque (>= 1.6.0)
      rspec (>= 2.0.0.beta.12)
    rmagick (2.13.1)
    rspec (2.2.0)
      rspec-core (~> 2.2)
      rspec-expectations (~> 2.2)
      rspec-mocks (~> 2.2)
    rspec-core (2.2.1)
    rspec-expectations (2.2.0)
      diff-lcs (~> 1.1.2)
    rspec-mocks (2.2.0)
    rspec-rails (2.2.0)
      rails (~> 3.0.0)
      rspec (~> 2.2)
    ruby-json (1.1.2)
    rubyzip (0.9.4)
    selenium-webdriver (0.0.28)
      ffi (>= 0.6.1)
      json_pure
      rubyzip
    sentient_user (0.3.0)
    sinatra (1.2.0)
      rack (~> 1.1)
      tilt (>= 1.2.2, < 2.0)
    spork (0.8.4)
    subexec (0.0.4)
    term-ansicolor (1.0.5)
    thor (0.14.6)
    tilt (1.2.2)
    treetop (1.4.9)
      polyglot (>= 0.3.1)
    tzinfo (0.3.24)
    validation_reflection (1.0.0)
    vegas (0.1.8)
      rack (>= 1.0.0)
    warden (1.0.2)
      rack (>= 1.0.0)
    web-app-theme (0.6.2)
    webrat (0.7.2)
      nokogiri (>= 1.2.0)
      rack (>= 1.0)
      rack-test (>= 0.5.3)
    will_paginate (3.0.pre2)

PLATFORMS
  ruby

DEPENDENCIES
  active_hash
  activemerchant
  activemerchant_patch_for_china!
  acts_as_list_mongoid
  awesome_print
  bson_ext
  capybara (= 0.3.9)
  carrierwave
  compass
  compass-960-plugin
  css_sprite
  cucumber
  cucumber-rails
  database_cleaner
  devise
  factory_girl
  factory_girl_rails
  formtastic
  haml
  hpricot
  httparty
  inherited_resources
  juggernaut
  kaminari
  launchy
  lemonade
  livereload
  mini_magick
  mongoid (= 2.0.0.rc.7)
  mongoid_acts_as_tree
  on_the_spot
  rails
  rails3-generators
  rb-inotify
  resque
  resque_spec
  rspec-rails
  sentient_user
  spork
  transitions!
  validation_reflection
  web-app-theme
  webrat
