GIT
  remote: git://github.com/justinfrench/formtastic.git
  revision: 42b4eb8
  branch: rails3
  specs:
    formtastic (1.0.0)
      actionpack (>= 2.3.0)
      activesupport (>= 2.3.0)
      i18n (>= 0.4.0)

GIT
  remote: git://github.com/libo/web-app-theme.git
  revision: e9d1c0f
  specs:
    web-app-theme (0.5.2)

GIT
  remote: git://github.com/saberma/carrierwave.git
  revision: 061490c
  branch: master
  specs:
    carrierwave (0.5.0.beta2)
      activesupport (>= 3.0.0.beta4)

GIT
  remote: git://github.com/saberma/mongoid_acts_as_tree.git
  revision: 0268fb1
  specs:
    mongoid_acts_as_tree (0.1.5)
      bson (>= 0.20.1)
      mongoid (<= 2.0.0)

GEM
  remote: http://rubygems.org/
  specs:
    abstract (1.0.0)
    actionmailer (3.0.0.rc)
      actionpack (= 3.0.0.rc)
      mail (~> 2.2.5)
    actionpack (3.0.0.rc)
      activemodel (= 3.0.0.rc)
      activesupport (= 3.0.0.rc)
      builder (~> 2.1.2)
      erubis (~> 2.6.6)
      i18n (~> 0.4.1)
      rack (~> 1.2.1)
      rack-mount (~> 0.6.9)
      rack-test (~> 0.5.4)
      tzinfo (~> 0.3.22)
    activemodel (3.0.0.rc)
      activesupport (= 3.0.0.rc)
      builder (~> 2.1.2)
      i18n (~> 0.4.1)
    activerecord (3.0.0.rc)
      activemodel (= 3.0.0.rc)
      activesupport (= 3.0.0.rc)
      arel (~> 0.4.0)
      tzinfo (~> 0.3.22)
    activeresource (3.0.0.rc)
      activemodel (= 3.0.0.rc)
      activesupport (= 3.0.0.rc)
    activesupport (3.0.0.rc)
    acts_as_list_mongoid (0.2.1)
      mongoid (>= 2.0.0.beta.14)
      mongoid_embedded_helper (>= 0.2.5)
    addressable (2.2.0)
    arel (0.4.0)
      activesupport (>= 3.0.0.beta)
    awesome_print (0.2.1)
    bcrypt-ruby (2.1.2)
    bson (1.0.4)
    bson_ext (1.0.4)
    builder (2.1.2)
    capybara (0.3.9)
      culerity (>= 0.2.4)
      mime-types (>= 1.16)
      nokogiri (>= 1.3.3)
      rack (>= 1.0.0)
      rack-test (>= 0.5.4)
      selenium-webdriver (>= 0.0.3)
    chunky_png (0.8.0)
    compass (0.10.4)
      haml (>= 3.0.4)
    compass-960-plugin (0.9.13)
      compass (>= 0.10.0.rc3)
    configuration (1.1.0)
    cucumber (0.8.5)
      builder (~> 2.1.2)
      diff-lcs (~> 1.1.2)
      gherkin (~> 2.1.4)
      json_pure (~> 1.4.3)
      term-ansicolor (~> 1.0.4)
    cucumber-rails (0.3.2)
      cucumber (>= 0.8.0)
    culerity (0.2.10)
    database_cleaner (0.5.2)
    devise (1.1.rc2)
      bcrypt-ruby (~> 2.1.2)
      warden (~> 0.10.7)
    diff-lcs (1.1.2)
    em-dir-watcher (0.9.4)
    em-websocket (0.1.3)
      addressable (>= 2.1.1)
      eventmachine (>= 0.12.9)
    erubis (2.6.6)
      abstract (>= 1.0.0)
    eventmachine (0.12.10)
    factory_girl (1.3.2)
    factory_girl_rails (1.0)
      factory_girl (~> 1.3)
      rails (>= 3.0.0.beta4)
    ffi (0.6.3)
      rake (>= 0.8.7)
    gherkin (2.1.5)
      trollop (~> 1.16.2)
    haml (3.0.17)
    has_scope (0.5.0)
    hpricot (0.8.2)
    i18n (0.4.1)
    inherited_resources (1.1.2)
      has_scope (~> 0.5.0)
      responders (~> 0.6.0)
    json_pure (1.4.6)
    launchy (0.3.7)
      configuration (>= 0.0.5)
      rake (>= 0.8.1)
    lemonade (0.3.4)
      chunky_png (>= 0.8.0)
      compass (>= 0.10.0)
      haml (>= 3.0.0)
    livereload (1.4)
      em-dir-watcher (>= 0.1)
      em-websocket (>= 0.1.2)
      ruby-json (>= 1.1.2)
    mail (2.2.5)
      activesupport (>= 2.3.6)
      mime-types
      treetop (>= 1.4.5)
    mime-types (1.16)
    mini_magick (1.3.2)
      subexec (~> 0.0.4)
    mongo (1.0.7)
      bson (>= 1.0.4)
    mongoid (2.0.0.beta.16)
      activemodel (= 3.0.0.rc)
      bson (= 1.0.4)
      mongo (= 1.0.7)
      tzinfo (= 0.3.22)
      will_paginate (~> 3.0.pre)
    mongoid_adjust (0.1.1)
      bson (>= 1.0.3)
      mongoid (>= 2.0.0.beta.14)
    mongoid_embedded_helper (0.2.5)
      bson_ext (>= 1.0.3)
      mongoid (>= 2.0.0.beta.14)
      mongoid_adjust (>= 0.1.1)
    nokogiri (1.4.3.1)
    polyglot (0.3.1)
    rack (1.2.1)
    rack-mount (0.6.9)
      rack (>= 1.0.0)
    rack-test (0.5.4)
      rack (>= 1.0)
    rails (3.0.0.rc)
      actionmailer (= 3.0.0.rc)
      actionpack (= 3.0.0.rc)
      activerecord (= 3.0.0.rc)
      activeresource (= 3.0.0.rc)
      activesupport (= 3.0.0.rc)
      bundler (>= 1.0.0.rc.1)
      railties (= 3.0.0.rc)
    rails3-generators (0.12.1)
    railties (3.0.0.rc)
      actionpack (= 3.0.0.rc)
      activesupport (= 3.0.0.rc)
      rake (>= 0.8.3)
      thor (~> 0.14.0)
    rake (0.8.7)
    rb-inotify (0.8.1)
      ffi (>= 0.5.0)
    responders (0.6.2)
    rspec (2.0.0.beta.19)
      rspec-core (= 2.0.0.beta.19)
      rspec-expectations (= 2.0.0.beta.19)
      rspec-mocks (= 2.0.0.beta.19)
    rspec-core (2.0.0.beta.19)
    rspec-expectations (2.0.0.beta.19)
      diff-lcs (>= 1.1.2)
    rspec-mocks (2.0.0.beta.19)
    rspec-rails (2.0.0.beta.14.2)
      rspec (>= 2.0.0.beta.14)
      webrat (>= 0.7.0)
    ruby-json (1.1.2)
    rubyzip (0.9.4)
    selenium-webdriver (0.0.27)
      ffi (>= 0.6.1)
      json_pure
      rubyzip
    sentient_user (0.3.0)
    spork (0.8.4)
    subexec (0.0.4)
    term-ansicolor (1.0.5)
    thor (0.14.0)
    treetop (1.4.8)
      polyglot (>= 0.3.1)
    trollop (1.16.2)
    tzinfo (0.3.22)
    unicorn (1.1.2)
      rack
    validation_reflection (1.0.0.beta4)
    warden (0.10.7)
      rack (>= 1.0.0)
    webrat (0.7.1)
      nokogiri (>= 1.2.0)
      rack (>= 1.0)
      rack-test (>= 0.5.3)
    will_paginate (3.0.pre2)

PLATFORMS
  ruby

DEPENDENCIES
  acts_as_list_mongoid
  awesome_print
  bson_ext
  capybara
  carrierwave!
  compass
  compass-960-plugin
  cucumber
  cucumber-rails
  database_cleaner
  devise (= 1.1.rc2)
  factory_girl
  factory_girl_rails
  formtastic!
  haml
  hpricot
  inherited_resources
  launchy
  lemonade
  livereload
  mini_magick
  mongoid (= 2.0.0.beta.16)
  mongoid_acts_as_tree!
  rails (= 3.0.0.rc)
  rails3-generators
  rb-inotify
  rspec-rails (= 2.0.0.beta.14.2)
  sentient_user
  spork
  unicorn
  validation_reflection (= 1.0.0.beta4)
  web-app-theme!
  webrat
